GEM
  remote: https://rubygems.org/
  specs:
    addressable (2.8.1)
      public_suffix (>= 2.0.2, < 6.0)
    json (2.6.2)
    json-schema (3.0.0)
      addressable (>= 2.8)
    mini_portile2 (2.8.0)
    nokogiri (1.13.6)
      mini_portile2 (~> 2.8.0)
      racc (~> 1.4)
    public_suffix (5.0.0)
    racc (1.6.0)
    redcarpet (3.5.1)

PLATFORMS
  ruby

DEPENDENCIES
  json
  json-schema
  nokogiri (>= 1.13.6)
  redcarpet

BUNDLED WITH
   2.1.4
