GEM
  specs:
    mini_portile2 (2.4.0)
    nokogiri (1.10.1)
      mini_portile2 (~> 2.4.0)
    redcarpet (3.5.1)

PLATFORMS
  ruby

DEPENDENCIES
  nokogiri
  redcarpet

BUNDLED WITH
   1.17.2
