GEM
  remote: https://rubygems.org/
  specs:
    mini_portile2 (2.8.0)
    nokogiri (1.13.6)
      mini_portile2 (~> 2.8.0)
      racc (~> 1.4)
    racc (1.6.0)
    redcarpet (3.5.1)

PLATFORMS
  ruby

DEPENDENCIES
  nokogiri (>= 1.13.6)
  redcarpet

BUNDLED WITH
   2.1.4
